PATH
  remote: .
  specs:
    modrinth (0.1.0)

GEM
  remote: https://rubygems.org/
  specs:
    ast (2.4.2)
    commander (4.6.0)
      highline (~> 2.0.0)
    highline (2.0.3)
    parlour (5.0.0)
      commander (~> 4.5)
      parser
      rainbow (~> 3.0)
      sorbet-runtime (>= 0.5)
    parser (3.1.2.1)
      ast (~> 2.4.1)
    rainbow (3.1.1)
    rake (13.0.6)
    rbs (2.7.0)
    sorbet-runtime (0.5.10488)
    sord (5.0.0)
      commander (~> 4.5)
      parlour (~> 5.0)
      rbs (~> 2.0)
      sorbet-runtime
      yard
    webrick (1.7.0)
    yard (0.9.28)
      webrick (>= 1.7.0)

PLATFORMS
  x86_64-linux

DEPENDENCIES
  modrinth!
  rake (~> 13.0)
  sord (~> 5.0)
  yard (~> 0.9)

BUNDLED WITH
   2.3.23
